PATH
  remote: .
  specs:
    eac_ruby_utils (0.0.0)
      colorize (~> 0.8.1)

GEM
  remote: https://rubygems.org/
  specs:
    colorize (0.8.1)

PLATFORMS
  ruby

DEPENDENCIES
  eac_ruby_utils!

BUNDLED WITH
   1.16.1
